GIT
  remote: git://github.com/bkeepers/dotenv.git
  revision: 9a8bd65fdc9a81fa42962738b1c1153e7a1d3727
  specs:
    dotenv (2.0.1)
    dotenv-rails (2.0.1)
      dotenv (= 2.0.1)

GIT
  remote: git://github.com/jnicklas/capybara.git
  revision: c789ffb08908b043a06017cc8debccc80ebd553e
  specs:
    capybara (2.5.0.dev)
      mime-types (>= 1.16)
      nokogiri (>= 1.3.3)
      rack (>= 1.0.0)
      rack-test (>= 0.5.4)
      xpath (~> 2.0)

GIT
  remote: git://github.com/timriley/sunspot-queue.git
  revision: 649af734420db481fd0421dde152bbb9e7499bde
  ref: 649af734420db481fd0421dde152bbb9e7499bde
  specs:
    sunspot-queue (0.10.2)
      sunspot_rails (>= 1.3.0)

GEM
  remote: https://rubygems.org/
  remote: https://gem.fury.io/icelab/
  remote: https://rails-assets.org/
  specs:
    CFPropertyList (2.3.1)
    actionmailer (4.1.12)
      actionpack (= 4.1.12)
      actionview (= 4.1.12)
      mail (~> 2.5, >= 2.5.4)
    actionpack (4.1.12)
      actionview (= 4.1.12)
      activesupport (= 4.1.12)
      rack (~> 1.5.2)
      rack-test (~> 0.6.2)
    actionview (4.1.12)
      activesupport (= 4.1.12)
      builder (~> 3.1)
      erubis (~> 2.7.0)
    activejob (0)
      activemodel-globalid
      activesupport (>= 4.1.0)
    activemodel (4.1.12)
      activesupport (= 4.1.12)
      builder (~> 3.1)
    activemodel-globalid (0.1.1)
      activemodel (>= 4.1.0)
      activesupport (>= 4.1.0)
    activerecord (4.1.12)
      activemodel (= 4.1.12)
      activesupport (= 4.1.12)
      arel (~> 5.0.0)
    activesupport (4.1.12)
      i18n (~> 0.6, >= 0.6.9)
      json (~> 1.7, >= 1.7.7)
      minitest (~> 5.1)
      thread_safe (~> 0.1)
      tzinfo (~> 1.1)
    acts-as-taggable-on (3.4.4)
      activerecord (>= 3.2, < 5)
    addressable (2.3.8)
    ancestry (2.1.0)
      activerecord (>= 3.0.0)
    api-pagination (4.1.1)
    arel (5.0.1.20140414130214)
    arrayfields (4.9.2)
    autoprefixer-rails (5.1.11)
      execjs
      json
    aws-sdk (2.0.48)
      aws-sdk-resources (= 2.0.48)
    aws-sdk-core (2.0.48)
      builder (~> 3.0)
      jmespath (~> 1.0)
      multi_json (~> 1.0)
    aws-sdk-resources (2.0.48)
      aws-sdk-core (= 2.0.48)
    bcrypt (3.1.11)
    better_errors (2.1.1)
      coderay (>= 1.0.0)
      erubis (>= 2.6.6)
      rack (>= 0.9.0)
    binding_of_caller (0.7.2)
      debug_inspector (>= 0.0.1)
    bourbon (3.2.4)
      sass (~> 3.2)
      thor
    bugsnag (2.8.4)
      multi_json (~> 1.0)
    builder (3.2.2)
    celluloid (0.16.0)
      timers (~> 4.0.0)
    chronic (0.10.2)
    cliver (0.3.2)
    coderay (1.1.0)
    coffee-rails (4.0.1)
      coffee-script (>= 2.2.0)
      railties (>= 4.0.0, < 5.0)
    coffee-script (2.4.1)
      coffee-script-source
      execjs
    coffee-script-source (1.9.1.1)
    color (1.7.1)
    contracts (0.14.0)
    crass (1.0.1)
    dalli (2.7.4)
    database_cleaner (1.4.1)
    debug_inspector (0.0.2)
    decent_exposure (2.3.3)
    devise (3.2.4)
      bcrypt (~> 3.0)
      orm_adapter (~> 0.1)
      railties (>= 3.2.6, < 5)
      thread_safe (~> 0.1)
      warden (~> 1.2.3)
    diff-lcs (1.2.5)
    domain_name (0.5.20160615)
      unf (>= 0.0.5, < 1.0.0)
    dotiw (2.0)
      actionpack (>= 3)
      i18n
    em-websocket (0.5.1)
      eventmachine (>= 0.12.9)
      http_parser.rb (~> 0.6.0)
    embedly (1.9.1)
      json
      oauth
      querystring
    erubis (2.7.0)
    eventmachine (1.0.7)
    excon (0.45.1)
    execjs (2.5.2)
    factory_girl (4.5.0)
      activesupport (>= 3.0.0)
    factory_girl_rails (4.5.0)
      factory_girl (~> 4.5.0)
      railties (>= 3.0.0)
    fattr (2.2.2)
    ffaker (2.0.0)
    ffi (1.9.8)
    fission (0.5.0)
      CFPropertyList (~> 2.2)
    fog (1.29.0)
      fog-atmos
      fog-aws (~> 0.0)
      fog-brightbox (~> 0.4)
      fog-core (~> 1.27, >= 1.27.4)
      fog-ecloud
      fog-json
      fog-local
      fog-powerdns (>= 0.1.1)
      fog-profitbricks
      fog-radosgw (>= 0.0.2)
      fog-riakcs
      fog-sakuracloud (>= 0.0.4)
      fog-serverlove
      fog-softlayer
      fog-storm_on_demand
      fog-terremark
      fog-vmfusion
      fog-voxel
      fog-xml (~> 0.1.1)
      ipaddress (~> 0.5)
      nokogiri (~> 1.5, >= 1.5.11)
    fog-atmos (0.1.0)
      fog-core
      fog-xml
    fog-aws (0.1.2)
      fog-core (~> 1.27)
      fog-json (~> 1.0)
      fog-xml (~> 0.1)
      ipaddress (~> 0.8)
    fog-brightbox (0.7.1)
      fog-core (~> 1.22)
      fog-json
      inflecto (~> 0.0.2)
    fog-core (1.30.0)
      builder
      excon (~> 0.45)
      formatador (~> 0.2)
      mime-types
      net-scp (~> 1.1)
      net-ssh (>= 2.1.3)
    fog-ecloud (0.1.1)
      fog-core
      fog-xml
    fog-json (1.0.1)
      fog-core (~> 1.0)
      multi_json (~> 1.0)
    fog-local (0.2.0)
      fog-core (~> 1.27)
    fog-powerdns (0.1.1)
      fog-core (~> 1.27)
      fog-json (~> 1.0)
      fog-xml (~> 0.1)
    fog-profitbricks (0.0.2)
      fog-core
      fog-xml
      nokogiri
    fog-radosgw (0.0.4)
      fog-core (>= 1.21.0)
      fog-json
      fog-xml (>= 0.0.1)
    fog-riakcs (0.1.0)
      fog-core
      fog-json
      fog-xml
    fog-sakuracloud (1.0.1)
      fog-core
      fog-json
    fog-serverlove (0.1.2)
      fog-core
      fog-json
    fog-softlayer (0.4.2)
      fog-core
      fog-json
    fog-storm_on_demand (0.1.1)
      fog-core
      fog-json
    fog-terremark (0.1.0)
      fog-core
      fog-xml
    fog-vmfusion (0.1.0)
      fission
      fog-core
    fog-voxel (0.1.0)
      fog-core
      fog-xml
    fog-xml (0.1.2)
      fog-core
      nokogiri (~> 1.5, >= 1.5.11)
    font-awesome-rails (4.3.0.0)
      railties (>= 3.2, < 5.0)
    foreman (0.78.0)
      thor (~> 0.19.1)
    formatador (0.2.5)
    friendly_id (5.0.5)
      activerecord (>= 4.0.0)
    fuubar (2.0.0)
      rspec (~> 3.0)
      ruby-progressbar (~> 1.4)
    guard (2.12.5)
      formatador (>= 0.2.4)
      listen (~> 2.7)
      lumberjack (~> 1.0)
      nenv (~> 0.1)
      notiffany (~> 0.0)
      pry (>= 0.9.12)
      shellany (~> 0.0)
      thor (>= 0.18.1)
    guard-compat (1.2.1)
    guard-livereload (2.4.0)
      em-websocket (~> 0.5)
      guard (~> 2.8)
      multi_json (~> 1.8)
    guard-rspec (4.5.0)
      guard (~> 2.1)
      guard-compat (~> 1.1)
      rspec (>= 2.99.0, < 4.0)
    heracles (1.0.5)
      activejob
      acts-as-taggable-on (~> 3.4.3)
      ancestry (~> 2.1.0)
      api-pagination (~> 4.1.0)
      autoprefixer-rails (~> 5.1.8)
      aws-sdk (~> 2.0.29)
      bourbon (~> 3.2.4)
      coffee-rails (~> 4.0.1)
      contracts (~> 0.8)
      decent_exposure (~> 2.3.2)
      devise (~> 3.2.0)
      font-awesome-rails (~> 4.3.0.0)
      friendly_id (~> 5.0.0)
      interactor (~> 3.1.0)
      jbuilder (~> 2.2.12)
      kaminari (~> 0.16.3)
      memoit (~> 0.2.0)
      nestive (~> 0.6.0)
      nokogiri (>= 1.6.3)
      progress_bar (~> 1.0.3)
      rails (~> 4.1.0)
      rails-assets-fastclick (~> 1.0.6)
      rails-assets-filament-sticky (~> 0.1.4)
      rails-assets-html5shiv (~> 3.7.2)
      rails-assets-jquery (~> 1.9.1)
      rails-assets-jquery-timepicker-jt (~> 1.5.3)
      rails-assets-jquery-ujs-standalone (~> 1.0.0)
      rails-assets-jstimezonedetect (~> 1.0.5)
      rails-assets-lodash (~> 3.6.0)
      rails-assets-momentjs (~> 2.9.0)
      rails-assets-nprogress (~> 0.1.6)
      rails-assets-pikaday (~> 1.3.2)
      rails-assets-react-radio-group (~> 0.1.2)
      rails-assets-select2 (~> 3.5.2)
      rails-assets-selectivizr (~> 1.0.2)
      rails-assets-speakingurl (~> 1.1.1)
      rails-assets-viewloader (~> 2.1.0)
      rails-observers (~> 0.1.2)
      ranked-model (~> 0.4.0)
      react-rails (~> 0.9.0)
      render_anywhere (~> 0.0.11)
      responders (~> 1.1.2)
      sass-rails (~> 4.0.3)
      slim-rails (~> 3.0.1)
      sunspot-queue (~> 0.10.2)
      sunspot_rails (~> 2.1.1)
      transloadit-rails (~> 1.1.1)
      turbolinks (~> 2.5.3)
      varnisher (~> 1.1.0)
    highline (1.7.8)
    hike (1.2.3)
    hitimes (1.2.2)
    html_truncator (0.4.1)
      nokogiri (~> 1.5)
    http-cookie (1.0.2)
      domain_name (~> 0.5)
    http_parser.rb (0.6.0)
    humanize (1.1.0)
    i18n (0.7.0)
    icalendar (2.3.0)
    inflecto (0.0.2)
    interactor (3.1.0)
    ipaddress (0.8.0)
    iso8601 (0.8.5)
    jbuilder (2.2.16)
      activesupport (>= 3.0.0, < 5)
      multi_json (~> 1.2)
    jmespath (1.3.0)
    json (1.8.3)
    kaminari (0.16.3)
      actionpack (>= 3.0.0)
      activesupport (>= 3.0.0)
    launchy (2.4.3)
      addressable (~> 2.3)
    listen (2.10.0)
      celluloid (~> 0.16.0)
      rb-fsevent (>= 0.9.3)
      rb-inotify (>= 0.9)
    lumberjack (1.0.9)
    mail (2.6.3)
      mime-types (>= 1.16, < 3)
    main (6.1.0)
      arrayfields (>= 4.7.4)
      chronic (>= 0.6.2)
      fattr (>= 2.2.0)
      map (>= 5.1.0)
    map (6.5.5)
    memcachier (0.0.2)
    memoit (0.2.0)
    meta-tags (2.0.0)
      actionpack (>= 3.0.0)
    method_source (0.8.2)
    mime-types (2.6.1)
    mini_portile (0.6.2)
    minitest (5.8.0)
    multi_json (1.11.2)
    nenv (0.2.0)
    nestive (0.6.0)
      rails (>= 3.0.0)
    net-scp (1.2.1)
      net-ssh (>= 2.6.5)
    net-ssh (2.9.2)
    netrc (0.11.0)
    nokogiri (1.6.6.2)
      mini_portile (~> 0.6.0)
    nokogumbo (1.2.0)
      nokogiri
    notiffany (0.0.6)
      nenv (~> 0.1)
      shellany (~> 0.0)
    oauth (0.4.7)
    options (2.3.2)
    orm_adapter (0.5.0)
    parallel (1.6.1)
    passenger (5.0.21)
      rack
      rake (>= 0.8.1)
    pg (0.18.1)
    poltergeist (1.6.0)
      capybara (~> 2.1)
      cliver (~> 0.3.1)
      multi_json (~> 1.0)
      websocket-driver (>= 0.2.0)
    pr_geohash (1.0.0)
    progress_bar (1.0.5)
      highline (~> 1.6)
      options (~> 2.3.0)
    pry (0.10.1)
      coderay (~> 1.1.0)
      method_source (~> 0.8.1)
      slop (~> 3.4)
    que (0.10.0)
    querystring (0.1.0)
    quiet_assets (1.1.0)
      railties (>= 3.1, < 5.0)
    rack (1.5.5)
    rack-canonical-host (0.1.0)
      addressable
      rack (~> 1.0)
    rack-rewrite (1.5.1)
    rack-test (0.6.3)
      rack (>= 1.0)
    rails (4.1.12)
      actionmailer (= 4.1.12)
      actionpack (= 4.1.12)
      actionview (= 4.1.12)
      activemodel (= 4.1.12)
      activerecord (= 4.1.12)
      activesupport (= 4.1.12)
      bundler (>= 1.3.0, < 2.0)
      railties (= 4.1.12)
      sprockets-rails (~> 2.0)
    rails-assets-fastclick (1.0.6)
    rails-assets-filament-fixed (0.1.2)
    rails-assets-filament-sticky (0.1.7)
      rails-assets-filament-fixed (>= 0.1.1)
      rails-assets-jquery (>= 1.9.1)
    rails-assets-html5shiv (3.7.3)
    rails-assets-jquery (1.9.1)
    rails-assets-jquery-timepicker-jt (1.5.3)
      rails-assets-jquery (>= 1.7)
    rails-assets-jquery-ujs-standalone (1.0.0)
      rails-assets-jquery (> 1.7)
    rails-assets-jstimezonedetect (1.0.5)
    rails-assets-lodash (3.6.0)
    rails-assets-momentjs (2.9.0)
    rails-assets-nprogress (0.1.6)
    rails-assets-pikaday (1.3.3)
    rails-assets-react (0.4.2)
    rails-assets-react-radio-group (0.1.2)
      rails-assets-react (~> 0.4.0)
    rails-assets-select2 (3.5.4)
      rails-assets-jquery (>= 1.7.1)
    rails-assets-selectivizr (1.0.2)
    rails-assets-speakingurl (1.1.5)
    rails-assets-viewloader (2.1.0)
      rails-assets-jquery (>= 1.4.3)
    rails-observers (0.1.2)
      activemodel (~> 4.0)
    rails_12factor (0.0.3)
      rails_serve_static_assets
      rails_stdout_logging
    rails_serve_static_assets (0.0.4)
    rails_stdout_logging (0.0.3)
    railties (4.1.12)
      actionpack (= 4.1.12)
      activesupport (= 4.1.12)
      rake (>= 0.8.7)
      thor (>= 0.18.1, < 2.0)
    rake (10.4.2)
    ranked-model (0.4.0)
      activerecord (>= 3.1.12)
    rb-fsevent (0.9.4)
    rb-inotify (0.9.5)
      ffi (>= 0.5.0)
    react-rails (0.9.0.0)
      execjs
      rails (>= 3.1)
      react-source (= 0.9.0)
    react-source (0.9.0)
    redcarpet (3.2.3)
    render_anywhere (0.0.12)
      rails (>= 3.0.7)
    responders (1.1.2)
      railties (>= 3.2, < 4.2)
    rest-client (2.0.0)
      http-cookie (>= 1.0.2, < 2.0)
      mime-types (>= 1.16, < 4.0)
      netrc (~> 0.8)
    rsolr (1.0.12)
      builder (>= 2.1.2)
    rspec (3.0.0)
      rspec-core (~> 3.0.0)
      rspec-expectations (~> 3.0.0)
      rspec-mocks (~> 3.0.0)
    rspec-core (3.0.4)
      rspec-support (~> 3.0.0)
    rspec-expectations (3.0.4)
      diff-lcs (>= 1.2.0, < 2.0)
      rspec-support (~> 3.0.0)
    rspec-mocks (3.0.4)
      rspec-support (~> 3.0.0)
    rspec-rails (3.0.1)
      actionpack (>= 3.0)
      activesupport (>= 3.0)
      railties (>= 3.0)
      rspec-core (~> 3.0.0)
      rspec-expectations (~> 3.0.0)
      rspec-mocks (~> 3.0.0)
      rspec-support (~> 3.0.0)
    rspec-support (3.0.4)
    ruby-progressbar (1.7.5)
    sanitize (3.1.2)
      crass (~> 1.0.1)
      nokogiri (>= 1.4.4)
      nokogumbo (= 1.2.0)
    sass (3.2.19)
    sass-rails (4.0.5)
      railties (>= 4.0.0, < 5.0)
      sass (~> 3.2.2)
      sprockets (~> 2.8, < 3.0)
      sprockets-rails (~> 2.0)
    shellany (0.0.1)
    shoulda-matchers (2.8.0)
      activesupport (>= 3.0.0)
    simplecov (0.7.1)
      multi_json (~> 1.0)
      simplecov-html (~> 0.7.1)
    simplecov-html (0.7.1)
    sitemap_generator (5.0.5)
      builder
    skylight (0.6.0)
      activesupport (>= 3.0.0)
    slim (3.0.6)
      temple (~> 0.7.3)
      tilt (>= 1.3.3, < 2.1)
    slim-rails (3.0.1)
      actionmailer (>= 3.1, < 5.0)
      actionpack (>= 3.1, < 5.0)
      activesupport (>= 3.1, < 5.0)
      railties (>= 3.1, < 5.0)
      slim (~> 3.0)
    slop (3.6.0)
    spring (1.3.4)
    spring-commands-rspec (1.0.4)
      spring (>= 0.9.1)
    sprockets (2.12.4)
      hike (~> 1.2)
      multi_json (~> 1.0)
      rack (~> 1.0)
      tilt (~> 1.1, != 1.3.0)
    sprockets-rails (2.3.2)
      actionpack (>= 3.0)
      activesupport (>= 3.0)
      sprockets (>= 2.8, < 4.0)
    staccato (0.4.2)
    sunspot (2.1.1)
      pr_geohash (~> 1.0)
      rsolr (~> 1.0.7)
    sunspot_rails (2.1.1)
      nokogiri
      rails (>= 3)
      sunspot (= 2.1.1)
    sunspot_solr (2.1.1)
    temple (0.7.6)
    thor (0.19.1)
    thread_safe (0.3.5)
    tilt (1.4.1)
    timers (4.0.1)
      hitimes
    transloadit (1.1.3)
      multi_json
      rest-client
    transloadit-rails (1.1.1)
      railties (>= 3)
      transloadit (>= 1.1.1)
    turbolinks (2.5.3)
      coffee-rails
    tzinfo (1.2.2)
      thread_safe (~> 0.1)
    uglifier (2.7.1)
      execjs (>= 0.3.0)
      json (>= 1.8.0)
    unf (0.1.4)
      unf_ext
    unf_ext (0.0.7.2)
    varnisher (1.1.0)
      main (~> 6.0)
      nokogiri (~> 1.6)
      parallel (~> 1.3)
    warden (1.2.6)
      rack (>= 1.0)
    websocket-driver (0.5.4)
      websocket-extensions (>= 0.1.0)
    websocket-extensions (0.1.2)
    xpath (2.0.0)
      nokogiri (~> 1.3)

PLATFORMS
  ruby

DEPENDENCIES
  better_errors
  binding_of_caller
  bugsnag
  capybara!
  coffee-rails (~> 4.0.0)
  color
  dalli
  database_cleaner
  dotenv!
  dotenv-rails
  dotiw
  embedly
  factory_girl_rails
  ffaker
  fog
  foreman
  fuubar (~> 2.0.0)
  guard (~> 2)
  guard-livereload
  guard-rspec
  heracles (~> 1.0.5)!
  html_truncator
  humanize (~> 1.1.0)
  icalendar (~> 2.3)
  iso8601
  jbuilder (~> 2.0)
  launchy
  memcachier
  memoit
  meta-tags
  minitest
  passenger (~> 5.0.7)
  pg
  poltergeist
  que
  quiet_assets
  rack-canonical-host
  rack-rewrite
  rails (~> 4.1.0)
  rails-assets-jquery!
  rails-assets-jquery-ujs-standalone!
  rails-assets-viewloader!
  rails_12factor
  rb-fsevent
  react-rails
  redcarpet
  rspec-rails (~> 3.0.0.beta2)
  sanitize
  sass-rails (~> 4.0.2)
  shoulda-matchers
  simplecov (~> 0.7.1)
  sitemap_generator
  skylight
  slim-rails
  spring
  spring-commands-rspec
  staccato
  sunspot-queue!
  sunspot_solr
  turbolinks
  uglifier (>= 1.3.0)
  varnisher

BUNDLED WITH
   1.10.6
