GIT
  remote: git://github.com/bkeepers/dotenv.git
  revision: a47020f6c414e0a577680b324e61876a690d2200
  specs:
    dotenv (2.2.1)
    dotenv-rails (2.2.1)
      dotenv (= 2.2.1)
      railties (>= 3.2, < 5.2)

GIT
  remote: git://github.com/jnicklas/capybara.git
  revision: 5849ecb66e7e961b1e3eee4fe62e67fb0b1061f5
  specs:
    capybara (2.14.0)
      addressable
      mime-types (>= 1.16)
      nokogiri (>= 1.3.3)
      rack (>= 1.0.0)
      rack-test (>= 0.5.4)
      xpath (~> 2.0)

GIT
  remote: git://github.com/timriley/sunspot-queue.git
  revision: 649af734420db481fd0421dde152bbb9e7499bde
  ref: 649af734420db481fd0421dde152bbb9e7499bde
  specs:
    sunspot-queue (0.10.2)
      sunspot_rails (>= 1.3.0)

GEM
  remote: https://rubygems.org/
  remote: https://gem.fury.io/icelab/
  remote: https://rails-assets.org/
  specs:
    CFPropertyList (2.3.5)
    actionmailer (4.2.8)
      actionpack (= 4.2.8)
      actionview (= 4.2.8)
      activejob (= 4.2.8)
      mail (~> 2.5, >= 2.5.4)
      rails-dom-testing (~> 1.0, >= 1.0.5)
    actionpack (4.2.8)
      actionview (= 4.2.8)
      activesupport (= 4.2.8)
      rack (~> 1.6)
      rack-test (~> 0.6.2)
      rails-dom-testing (~> 1.0, >= 1.0.5)
      rails-html-sanitizer (~> 1.0, >= 1.0.2)
    actionview (4.2.8)
      activesupport (= 4.2.8)
      builder (~> 3.1)
      erubis (~> 2.7.0)
      rails-dom-testing (~> 1.0, >= 1.0.5)
      rails-html-sanitizer (~> 1.0, >= 1.0.3)
    activejob (4.2.8)
      activesupport (= 4.2.8)
      globalid (>= 0.3.0)
    activemodel (4.2.8)
      activesupport (= 4.2.8)
      builder (~> 3.1)
    activerecord (4.2.8)
      activemodel (= 4.2.8)
      activesupport (= 4.2.8)
      arel (~> 6.0)
    activesupport (4.2.8)
      i18n (~> 0.7)
      minitest (~> 5.1)
      thread_safe (~> 0.3, >= 0.3.4)
      tzinfo (~> 1.1)
    acts-as-taggable-on (3.4.4)
      activerecord (>= 3.2, < 5)
    addressable (2.5.1)
      public_suffix (~> 2.0, >= 2.0.2)
    ancestry (2.1.0)
      activerecord (>= 3.0.0)
    api-pagination (4.1.1)
    arel (6.0.4)
    arrayfields (4.9.2)
    autoprefixer-rails (5.1.11)
      execjs
      json
    aws-sdk (2.1.36)
      aws-sdk-resources (= 2.1.36)
    aws-sdk-core (2.1.36)
      jmespath (~> 1.0)
    aws-sdk-resources (2.1.36)
      aws-sdk-core (= 2.1.36)
    aws_cf_signer (0.1.3)
    bcrypt (3.1.12)
    better_errors (2.1.1)
      coderay (>= 1.0.0)
      erubis (>= 2.6.6)
      rack (>= 0.9.0)
    binding_of_caller (0.7.2)
      debug_inspector (>= 0.0.1)
    bourbon (4.3.4)
      sass (~> 3.4)
      thor (~> 0.19)
    bugsnag (5.3.2)
    builder (3.2.3)
    byebug (10.0.0)
    chronic (0.10.2)
    cliver (0.3.2)
    cloudinary (1.1.7)
      aws_cf_signer
      rest-client
    coderay (1.1.1)
    coffee-rails (4.0.1)
      coffee-script (>= 2.2.0)
      railties (>= 4.0.0, < 5.0)
    coffee-script (2.4.1)
      coffee-script-source
      execjs
    coffee-script-source (1.12.2)
    color (1.8)
    contracts (0.16.0)
    crass (1.0.2)
    dalli (2.7.6)
    database_cleaner (1.6.0)
    debug_inspector (0.0.2)
    decent_exposure (2.3.3)
    devise (3.5.10)
      bcrypt (~> 3.0)
      orm_adapter (~> 0.1)
      railties (>= 3.2.6, < 5)
      responders
      thread_safe (~> 0.1)
      warden (~> 1.2.3)
    diff-lcs (1.3)
    domain_name (0.5.20180417)
      unf (>= 0.0.5, < 1.0.0)
    dotiw (3.1.1)
      actionpack (>= 3)
      i18n
    em-websocket (0.5.1)
      eventmachine (>= 0.12.9)
      http_parser.rb (~> 0.6.0)
    embedly (1.9.1)
      json
      oauth
      querystring
    erubis (2.7.0)
    eventmachine (1.2.3)
    excon (0.55.0)
    execjs (2.7.0)
    factory_girl (4.8.0)
      activesupport (>= 3.0.0)
    factory_girl_rails (4.8.0)
      factory_girl (~> 4.8.0)
      railties (>= 3.0.0)
    fattr (2.4.0)
    ffaker (2.5.0)
    ffi (1.9.18)
    fission (0.5.0)
      CFPropertyList (~> 2.2)
    fog (1.40.0)
      fog-aliyun (>= 0.1.0)
      fog-atmos
      fog-aws (>= 0.6.0)
      fog-brightbox (~> 0.4)
      fog-cloudatcost (~> 0.1.0)
      fog-core (~> 1.43)
      fog-digitalocean (>= 0.3.0)
      fog-dnsimple (~> 1.0)
      fog-dynect (~> 0.0.2)
      fog-ecloud (~> 0.1)
      fog-google (<= 0.1.0)
      fog-json
      fog-local
      fog-openstack
      fog-powerdns (>= 0.1.1)
      fog-profitbricks
      fog-rackspace
      fog-radosgw (>= 0.0.2)
      fog-riakcs
      fog-sakuracloud (>= 0.0.4)
      fog-serverlove
      fog-softlayer
      fog-storm_on_demand
      fog-terremark
      fog-vmfusion
      fog-voxel
      fog-vsphere (>= 0.4.0)
      fog-xenserver
      fog-xml (~> 0.1.1)
      ipaddress (~> 0.5)
      json (>= 1.8, < 2.0)
    fog-aliyun (0.1.0)
      fog-core (~> 1.27)
      fog-json (~> 1.0)
      ipaddress (~> 0.8)
      xml-simple (~> 1.1)
    fog-atmos (0.1.0)
      fog-core
      fog-xml
    fog-aws (1.3.0)
      fog-core (~> 1.38)
      fog-json (~> 1.0)
      fog-xml (~> 0.1)
      ipaddress (~> 0.8)
    fog-brightbox (0.11.0)
      fog-core (~> 1.22)
      fog-json
      inflecto (~> 0.0.2)
    fog-cloudatcost (0.1.2)
      fog-core (~> 1.36)
      fog-json (~> 1.0)
      fog-xml (~> 0.1)
      ipaddress (~> 0.8)
    fog-core (1.44.1)
      builder
      excon (~> 0.49)
      formatador (~> 0.2)
    fog-digitalocean (0.3.0)
      fog-core (~> 1.42)
      fog-json (>= 1.0)
      fog-xml (>= 0.1)
      ipaddress (>= 0.5)
    fog-dnsimple (1.0.0)
      fog-core (~> 1.38)
      fog-json (~> 1.0)
    fog-dynect (0.0.3)
      fog-core
      fog-json
      fog-xml
    fog-ecloud (0.3.0)
      fog-core
      fog-xml
    fog-google (0.1.0)
      fog-core
      fog-json
      fog-xml
    fog-json (1.0.2)
      fog-core (~> 1.0)
      multi_json (~> 1.10)
    fog-local (0.3.1)
      fog-core (~> 1.27)
    fog-openstack (0.1.20)
      fog-core (>= 1.40)
      fog-json (>= 1.0)
      ipaddress (>= 0.8)
    fog-powerdns (0.1.1)
      fog-core (~> 1.27)
      fog-json (~> 1.0)
      fog-xml (~> 0.1)
    fog-profitbricks (3.0.0)
      fog-core (~> 1.42)
      fog-json (~> 1.0)
    fog-rackspace (0.1.5)
      fog-core (>= 1.35)
      fog-json (>= 1.0)
      fog-xml (>= 0.1)
      ipaddress (>= 0.8)
    fog-radosgw (0.0.5)
      fog-core (>= 1.21.0)
      fog-json
      fog-xml (>= 0.0.1)
    fog-riakcs (0.1.0)
      fog-core
      fog-json
      fog-xml
    fog-sakuracloud (1.7.5)
      fog-core
      fog-json
    fog-serverlove (0.1.2)
      fog-core
      fog-json
    fog-softlayer (1.1.4)
      fog-core
      fog-json
    fog-storm_on_demand (0.1.1)
      fog-core
      fog-json
    fog-terremark (0.1.0)
      fog-core
      fog-xml
    fog-vmfusion (0.1.0)
      fission
      fog-core
    fog-voxel (0.1.0)
      fog-core
      fog-xml
    fog-vsphere (1.9.1)
      fog-core
      rbvmomi (~> 1.9)
    fog-xenserver (0.3.0)
      fog-core
      fog-xml
    fog-xml (0.1.3)
      fog-core
      nokogiri (>= 1.5.11, < 2.0.0)
    font-awesome-rails (4.3.0.0)
      railties (>= 3.2, < 5.0)
    foreman (0.84.0)
      thor (~> 0.19.1)
    formatador (0.2.5)
    friendly_id (5.1.0)
      activerecord (>= 4.0.0)
    fuubar (2.0.0)
      rspec (~> 3.0)
      ruby-progressbar (~> 1.4)
    globalid (0.4.0)
      activesupport (>= 4.2.0)
    guard (2.14.1)
      formatador (>= 0.2.4)
      listen (>= 2.7, < 4.0)
      lumberjack (~> 1.0)
      nenv (~> 0.1)
      notiffany (~> 0.0)
      pry (>= 0.9.12)
      shellany (~> 0.0)
      thor (>= 0.18.1)
    guard-compat (1.2.1)
    guard-livereload (2.5.2)
      em-websocket (~> 0.5)
      guard (~> 2.8)
      guard-compat (~> 1.0)
      multi_json (~> 1.8)
    guard-rspec (4.7.3)
      guard (~> 2.1)
      guard-compat (~> 1.1)
      rspec (>= 2.99.0, < 4.0)
    highline (1.7.10)
    hike (1.2.3)
    html_truncator (0.4.1)
      nokogiri (~> 1.5)
    http-cookie (1.0.3)
      domain_name (~> 0.5)
    http_parser.rb (0.6.0)
    humanize (1.1.2)
    i18n (0.8.1)
    icalendar (2.4.1)
    icelab-heracles (2.0.0.beta67)
      acts-as-taggable-on (~> 3.4.3)
      ancestry (~> 2.1.0)
      api-pagination (~> 4.1.0)
      autoprefixer-rails (~> 5.1.8)
      aws-sdk (~> 2.1.13)
      bourbon (~> 4.0)
      cloudinary (~> 1.1.0)
      coffee-rails (~> 4.0.1)
      contracts (~> 0.8)
      decent_exposure (~> 2.3.2)
      devise (~> 3.5.1)
      font-awesome-rails (~> 4.3.0.0)
      friendly_id (~> 5.1.0)
      interactor (~> 3.1.0)
      jbuilder (~> 2.2.12)
      kaminari (~> 0.16.3)
      memoit (~> 0.2.0)
      nestive (~> 0.6.0)
      nokogiri (>= 1.6.3)
      pg_search (~> 1.0.5)
      progress_bar (~> 1.0.3)
      rails (~> 4.2.0)
      rails-assets-fastclick (~> 1.0.6)
      rails-assets-filament-sticky (~> 0.1.4)
      rails-assets-html5shiv (~> 3.7.2)
      rails-assets-jquery (~> 1.9.1)
      rails-assets-jquery-timepicker-jt (~> 1.5.3)
      rails-assets-jquery-ujs-standalone (~> 1.0.0)
      rails-assets-jstimezonedetect (~> 1.0.5)
      rails-assets-lodash (~> 3.6.0)
      rails-assets-momentjs (~> 2.9.0)
      rails-assets-nprogress (~> 0.1.6)
      rails-assets-pikaday (~> 1.3.2)
      rails-assets-react-radio-group (~> 0.1.2)
      rails-assets-select2 (~> 3.5.2)
      rails-assets-selectivizr (~> 1.0.2)
      rails-assets-speakingurl (~> 1.1.1)
      rails-assets-viewloader (~> 2.1.0)
      rails-observers (~> 0.1.2)
      ranked-model (~> 0.4.0)
      react-rails (~> 0.9.0)
      refile
      refile-s3
      render_anywhere (~> 0.0.11)
      responders (~> 2.0)
      sass-rails (~> 5.0)
      slim-rails (~> 3.0.1)
      transloadit-rails (~> 1.1.1)
      turbolinks (~> 2.5.3)
      varnisher (~> 1.1.0)
    inflecto (0.0.2)
    interactor (3.1.1)
    ipaddress (0.8.3)
    iso8601 (0.9.1)
    jbuilder (2.2.16)
      activesupport (>= 3.0.0, < 5)
      multi_json (~> 1.2)
    jmespath (1.4.0)
    json (1.8.6)
    kaminari (0.16.3)
      actionpack (>= 3.0.0)
      activesupport (>= 3.0.0)
    launchy (2.4.3)
      addressable (~> 2.3)
    letter_opener (1.7.0)
      launchy (~> 2.2)
    listen (3.0.8)
      rb-fsevent (~> 0.9, >= 0.9.4)
      rb-inotify (~> 0.9, >= 0.9.7)
    loofah (2.0.3)
      nokogiri (>= 1.5.9)
    lumberjack (1.0.11)
    mail (2.6.5)
      mime-types (>= 1.16, < 4)
    main (6.2.2)
      arrayfields (~> 4.7, >= 4.7.4)
      chronic (~> 0.6, >= 0.6.2)
      fattr (~> 2.2, >= 2.2.0)
      map (~> 6.1, >= 6.1.0)
    map (6.6.0)
    memcachier (0.0.2)
    memoit (0.2.0)
    meta-tags (2.4.0)
      actionpack (>= 3.2.0, <= 5.1.0)
    method_source (0.8.2)
    mime-types (2.99.3)
    mini_portile2 (2.1.0)
    minitest (5.10.1)
    multi_json (1.12.1)
    nenv (0.3.0)
    nestive (0.6.0)
      rails (>= 3.0.0)
    netrc (0.11.0)
    nokogiri (1.7.1)
      mini_portile2 (~> 2.1.0)
    nokogumbo (1.4.10)
      nokogiri
    notiffany (0.1.1)
      nenv (~> 0.1)
      shellany (~> 0.0)
    oauth (0.5.1)
    options (2.3.2)
    orm_adapter (0.5.0)
    parallel (1.17.0)
    passenger (5.0.30)
      rack
      rake (>= 0.8.1)
    pg (0.20.0)
    pg_search (1.0.6)
      activerecord (>= 3.1)
      activesupport (>= 3.1)
      arel
    poltergeist (1.15.0)
      capybara (~> 2.1)
      cliver (~> 0.3.1)
      websocket-driver (>= 0.2.0)
    pr_geohash (1.0.0)
    progress_bar (1.0.5)
      highline (~> 1.6)
      options (~> 2.3.0)
    pry (0.10.4)
      coderay (~> 1.1.0)
      method_source (~> 0.8.1)
      slop (~> 3.4)
    pry-byebug (3.6.0)
      byebug (~> 10.0)
      pry (~> 0.10)
    public_suffix (2.0.5)
    que (0.12.1)
    querystring (0.1.0)
    quiet_assets (1.1.0)
      railties (>= 3.1, < 5.0)
    rack (1.6.6)
    rack-canonical-host (0.2.3)
      addressable (> 0, < 3)
      rack (>= 1.0.0, < 3)
    rack-protection (1.5.5)
      rack
    rack-rewrite (1.5.1)
    rack-test (0.6.3)
      rack (>= 1.0)
    rails (4.2.8)
      actionmailer (= 4.2.8)
      actionpack (= 4.2.8)
      actionview (= 4.2.8)
      activejob (= 4.2.8)
      activemodel (= 4.2.8)
      activerecord (= 4.2.8)
      activesupport (= 4.2.8)
      bundler (>= 1.3.0, < 2.0)
      railties (= 4.2.8)
      sprockets-rails
    rails-assets-fastclick (1.0.6)
    rails-assets-filament-fixed (0.1.2)
    rails-assets-filament-sticky (0.1.7)
      rails-assets-filament-fixed (>= 0.1.1)
      rails-assets-jquery (>= 1.9.1)
    rails-assets-html5shiv (3.7.3)
    rails-assets-jquery (1.9.1)
    rails-assets-jquery-timepicker-jt (1.5.3)
      rails-assets-jquery (>= 1.7)
    rails-assets-jquery-ujs-standalone (1.0.0)
      rails-assets-jquery (> 1.7)
    rails-assets-jstimezonedetect (1.0.5)
    rails-assets-lodash (3.6.0)
    rails-assets-momentjs (2.9.0)
    rails-assets-nprogress (0.1.6)
    rails-assets-pikaday (1.3.3)
    rails-assets-react (0.4.2)
    rails-assets-react-radio-group (0.1.2)
      rails-assets-react (~> 0.4.0)
    rails-assets-select2 (3.5.4)
      rails-assets-jquery (>= 1.7.1)
    rails-assets-selectivizr (1.0.2)
    rails-assets-speakingurl (1.1.5)
    rails-assets-viewloader (2.1.0)
      rails-assets-jquery (>= 1.4.3)
    rails-deprecated_sanitizer (1.0.3)
      activesupport (>= 4.2.0.alpha)
    rails-dom-testing (1.0.8)
      activesupport (>= 4.2.0.beta, < 5.0)
      nokogiri (~> 1.6)
      rails-deprecated_sanitizer (>= 1.0.1)
    rails-html-sanitizer (1.0.3)
      loofah (~> 2.0)
    rails-observers (0.1.5)
      activemodel (>= 4.0)
    rails_12factor (0.0.3)
      rails_serve_static_assets
      rails_stdout_logging
    rails_autoscale_agent (0.4.0)
      activesupport (>= 3.2)
    rails_serve_static_assets (0.0.5)
    rails_stdout_logging (0.0.5)
    railties (4.2.8)
      actionpack (= 4.2.8)
      activesupport (= 4.2.8)
      rake (>= 0.8.7)
      thor (>= 0.18.1, < 2.0)
    rake (12.0.0)
    ranked-model (0.4.4)
      activerecord (>= 4.1.16)
    rb-fsevent (0.9.8)
    rb-inotify (0.9.8)
      ffi (>= 0.5.0)
    rbvmomi (1.11.2)
      builder (~> 3.0)
      json (>= 1.8)
      nokogiri (~> 1.5)
      trollop (~> 2.1)
    react-rails (0.9.0.0)
      execjs
      rails (>= 3.1)
      react-source (= 0.9.0)
    react-source (0.9.0)
    redcarpet (3.4.0)
    refile (0.5.3)
      mime-types
      sinatra (~> 1.4.5)
    refile-s3 (0.1.0)
      aws-sdk (~> 2.0)
      refile (~> 0.5.0)
    render_anywhere (0.0.12)
      rails (>= 3.0.7)
    responders (2.4.1)
      actionpack (>= 4.2.0, < 6.0)
      railties (>= 4.2.0, < 6.0)
    rest-client (2.0.2)
      http-cookie (>= 1.0.2, < 2.0)
      mime-types (>= 1.16, < 4.0)
      netrc (~> 0.8)
    rsolr (1.0.13)
      builder (>= 2.1.2)
    rspec (3.5.0)
      rspec-core (~> 3.5.0)
      rspec-expectations (~> 3.5.0)
      rspec-mocks (~> 3.5.0)
    rspec-core (3.5.4)
      rspec-support (~> 3.5.0)
    rspec-expectations (3.5.0)
      diff-lcs (>= 1.2.0, < 2.0)
      rspec-support (~> 3.5.0)
    rspec-mocks (3.5.0)
      diff-lcs (>= 1.2.0, < 2.0)
      rspec-support (~> 3.5.0)
    rspec-rails (3.5.2)
      actionpack (>= 3.0)
      activesupport (>= 3.0)
      railties (>= 3.0)
      rspec-core (~> 3.5.0)
      rspec-expectations (~> 3.5.0)
      rspec-mocks (~> 3.5.0)
      rspec-support (~> 3.5.0)
    rspec-support (3.5.0)
    ruby-progressbar (1.8.1)
    sanitize (4.4.0)
      crass (~> 1.0.2)
      nokogiri (>= 1.4.4)
      nokogumbo (~> 1.4.1)
    sass (3.5.1)
      sass-listen (~> 4.0.0)
    sass-listen (4.0.0)
      rb-fsevent (~> 0.9, >= 0.9.4)
      rb-inotify (~> 0.9, >= 0.9.7)
    sass-rails (5.0.6)
      railties (>= 4.0.0, < 6)
      sass (~> 3.1)
      sprockets (>= 2.8, < 4.0)
      sprockets-rails (>= 2.0, < 4.0)
      tilt (>= 1.1, < 3)
    shellany (0.0.1)
    shoulda-matchers (3.1.1)
      activesupport (>= 4.0.0)
    simplecov (0.7.1)
      multi_json (~> 1.0)
      simplecov-html (~> 0.7.1)
    simplecov-html (0.7.1)
    sinatra (1.4.8)
      rack (~> 1.5)
      rack-protection (~> 1.4)
      tilt (>= 1.3, < 3)
    sitemap_generator (5.3.1)
      builder (~> 3.0)
    slim (3.0.8)
      temple (>= 0.7.6, < 0.9)
      tilt (>= 1.3.3, < 2.1)
    slim-rails (3.0.1)
      actionmailer (>= 3.1, < 5.0)
      actionpack (>= 3.1, < 5.0)
      activesupport (>= 3.1, < 5.0)
      railties (>= 3.1, < 5.0)
      slim (~> 3.0)
    slop (3.6.0)
    spring (2.0.1)
      activesupport (>= 4.2)
    spring-commands-rspec (1.0.4)
      spring (>= 0.9.1)
    sprockets (2.12.4)
      hike (~> 1.2)
      multi_json (~> 1.0)
      rack (~> 1.0)
      tilt (~> 1.1, != 1.3.0)
    sprockets-rails (2.3.3)
      actionpack (>= 3.0)
      activesupport (>= 3.0)
      sprockets (>= 2.8, < 4.0)
    staccato (0.5.1)
    sunspot (2.1.1)
      pr_geohash (~> 1.0)
      rsolr (~> 1.0.7)
    sunspot_rails (2.1.1)
      nokogiri
      rails (>= 3)
      sunspot (= 2.1.1)
    sunspot_solr (2.1.1)
    temple (0.8.0)
    thor (0.19.4)
    thread_safe (0.3.6)
    tilt (1.4.1)
    transloadit (2.0.1)
      mime-types
      multi_json
      rest-client
    transloadit-rails (1.1.2)
      mime-types (~> 2.99)
      railties (>= 3)
      transloadit (>= 1.1.1)
    trollop (2.1.2)
    turbolinks (2.5.3)
      coffee-rails
    tzinfo (1.2.3)
      thread_safe (~> 0.1)
    uglifier (3.2.0)
      execjs (>= 0.3.0, < 3)
    unf (0.1.4)
      unf_ext
    unf_ext (0.0.7.6)
    varnisher (1.1.0)
      main (~> 6.0)
      nokogiri (~> 1.6)
      parallel (~> 1.3)
    warden (1.2.7)
      rack (>= 1.0)
    websocket-driver (0.6.5)
      websocket-extensions (>= 0.1.0)
    websocket-extensions (0.1.2)
    xml-simple (1.1.5)
    xpath (2.0.0)
      nokogiri (~> 1.3)

PLATFORMS
  ruby

DEPENDENCIES
  better_errors
  binding_of_caller
  bugsnag
  capybara!
  coffee-rails (~> 4.0.0)
  color
  dalli
  database_cleaner
  dotenv!
  dotenv-rails
  dotiw
  embedly
  factory_girl_rails
  ffaker
  fog
  foreman
  fuubar (~> 2.0.0)
  guard (~> 2)
  guard-livereload
  guard-rspec
  html_truncator
  humanize (~> 1.1.0)
  icalendar (~> 2.3)
  icelab-heracles (= 2.0.0.beta67)!
  iso8601
  jbuilder (~> 2.0)
  launchy
  letter_opener
  memcachier
  memoit
  meta-tags
  minitest
  passenger (~> 5.0.7)
  pg
  poltergeist
  pry-byebug
  que
  quiet_assets
  rack-canonical-host
  rack-rewrite
  rails (~> 4.2.0)
  rails-assets-jquery!
  rails-assets-jquery-ujs-standalone!
  rails-assets-viewloader!
  rails_12factor
  rails_autoscale_agent
  rb-fsevent
  react-rails
  redcarpet
  rspec-rails (~> 3.5.0)
  sanitize
  sass-rails (~> 5.0.6)
  shoulda-matchers
  simplecov (~> 0.7.1)
  sitemap_generator
  slim-rails
  spring
  spring-commands-rspec
  staccato
  sunspot-queue!
  sunspot_rails (= 2.1.1)
  sunspot_solr (= 2.1.1)
  turbolinks
  uglifier (>= 1.3.0)

RUBY VERSION
   ruby 2.2.2p95

BUNDLED WITH
   1.17.1
