GIT
  remote: git://github.com/resque/resque.git
  revision: 6eba083bbdf8d2a20e28581aa72c0b7b198e794e
  specs:
    resque (2.0.0.pre.1)
      json
      mono_logger (~> 1.0)
      redis-namespace (>= 1.3.0)
      thor (~> 0.17)

PATH
  remote: .
  specs:
    cache_buster (0.0.2)
      dotenv (~> 1.0)
      nokogiri (~> 1.6)
      ohm (~> 2.1)
      redis (~> 3.2)
      resque
      sinatra (~> 1.4)

GEM
  remote: https://rubygems.org/
  specs:
    dotenv (1.0.2)
    foreman (0.63.0)
      dotenv (>= 0.7)
      thor (>= 0.13.6)
    hiredis (0.5.2)
    json (1.8.2)
    mini_portile (0.6.2)
    mono_logger (1.1.0)
    msgpack (0.5.11)
    nido (0.0.1)
    nokogiri (1.6.6.2)
      mini_portile (~> 0.6.0)
    ohm (2.1.0)
      msgpack
      nido
      redic
    rack (1.6.0)
    rack-protection (1.5.3)
      rack
    redic (1.3.0)
      hiredis
    redis (3.2.0)
    redis-namespace (1.5.1)
      redis (~> 3.0, >= 3.0.4)
    sinatra (1.4.5)
      rack (~> 1.4)
      rack-protection (~> 1.4)
      tilt (~> 1.3, >= 1.3.4)
    thor (0.19.1)
    tilt (1.4.1)

PLATFORMS
  ruby

DEPENDENCIES
  cache_buster!
  foreman
  resque!
