GIT
  remote: git://github.com/rspec/rspec-activemodel-mocks.git
  revision: 947a171de990f3056c2ad8b58922298339bc123e
  specs:
    rspec-activemodel-mocks (1.0.2)
      activemodel (>= 3.0)
      activesupport (>= 3.0)
      rspec-mocks (>= 2.99, < 4.0)

PATH
  remote: .
  specs:
    icelab-heracles (2.0.0.beta60)
      acts-as-taggable-on (~> 3.4.3)
      ancestry (~> 2.1.0)
      api-pagination (~> 4.1.0)
      autoprefixer-rails (~> 5.1.8)
      aws-sdk (~> 2.1.13)
      bourbon (~> 3.2.4)
      cloudinary (~> 1.1.0)
      coffee-rails (~> 4.0.1)
      contracts (~> 0.8)
      decent_exposure (~> 2.3.2)
      devise (~> 3.5.1)
      font-awesome-rails (~> 4.3.0.0)
      friendly_id (~> 5.1.0)
      interactor (~> 3.1.0)
      jbuilder (~> 2.2.12)
      kaminari (~> 0.16.3)
      memoit (~> 0.2.0)
      nestive (~> 0.6.0)
      nokogiri (>= 1.6.3)
      pg_search (~> 1.0.5)
      progress_bar (~> 1.0.3)
      rails (~> 4.2.0)
      rails-assets-fastclick (~> 1.0.6)
      rails-assets-filament-sticky (~> 0.1.4)
      rails-assets-html5shiv (~> 3.7.2)
      rails-assets-jquery (~> 1.9.1)
      rails-assets-jquery-timepicker-jt (~> 1.5.3)
      rails-assets-jquery-ujs-standalone (~> 1.0.0)
      rails-assets-jstimezonedetect (~> 1.0.5)
      rails-assets-lodash (~> 3.6.0)
      rails-assets-momentjs (~> 2.9.0)
      rails-assets-nprogress (~> 0.1.6)
      rails-assets-pikaday (~> 1.3.2)
      rails-assets-react-radio-group (~> 0.1.2)
      rails-assets-select2 (~> 3.5.2)
      rails-assets-selectivizr (~> 1.0.2)
      rails-assets-speakingurl (~> 1.1.1)
      rails-assets-viewloader (~> 2.1.0)
      rails-observers (~> 0.1.2)
      ranked-model (~> 0.4.0)
      react-rails (~> 0.9.0)
      refile
      refile-s3
      render_anywhere (~> 0.0.11)
      responders (~> 2.0)
      sass-rails (~> 5.0)
      slim-rails (~> 3.0.1)
      transloadit-rails (~> 1.1.1)
      turbolinks (~> 2.5.3)
      varnisher (~> 1.1.0)

GEM
  remote: https://rubygems.org/
  remote: https://rails-assets.org/
  specs:
    actionmailer (4.2.3)
      actionpack (= 4.2.3)
      actionview (= 4.2.3)
      activejob (= 4.2.3)
      mail (~> 2.5, >= 2.5.4)
      rails-dom-testing (~> 1.0, >= 1.0.5)
    actionpack (4.2.3)
      actionview (= 4.2.3)
      activesupport (= 4.2.3)
      rack (~> 1.6)
      rack-test (~> 0.6.2)
      rails-dom-testing (~> 1.0, >= 1.0.5)
      rails-html-sanitizer (~> 1.0, >= 1.0.2)
    actionview (4.2.3)
      activesupport (= 4.2.3)
      builder (~> 3.1)
      erubis (~> 2.7.0)
      rails-dom-testing (~> 1.0, >= 1.0.5)
      rails-html-sanitizer (~> 1.0, >= 1.0.2)
    activejob (4.2.3)
      activesupport (= 4.2.3)
      globalid (>= 0.3.0)
    activemodel (4.2.3)
      activesupport (= 4.2.3)
      builder (~> 3.1)
    activerecord (4.2.3)
      activemodel (= 4.2.3)
      activesupport (= 4.2.3)
      arel (~> 6.0)
    activesupport (4.2.3)
      i18n (~> 0.7)
      json (~> 1.7, >= 1.7.7)
      minitest (~> 5.1)
      thread_safe (~> 0.3, >= 0.3.4)
      tzinfo (~> 1.1)
    acts-as-taggable-on (3.4.4)
      activerecord (>= 3.2, < 5)
    ancestry (2.1.0)
      activerecord (>= 3.0.0)
    api-pagination (4.1.1)
    arel (6.0.4)
    arrayfields (4.9.2)
    autoprefixer-rails (5.1.11)
      execjs
      json
    aws-sdk (2.1.36)
      aws-sdk-resources (= 2.1.36)
    aws-sdk-core (2.1.36)
      jmespath (~> 1.0)
    aws-sdk-resources (2.1.36)
      aws-sdk-core (= 2.1.36)
    aws_cf_signer (0.1.3)
    bcrypt (3.1.11)
    bourbon (3.2.4)
      sass (~> 3.2)
      thor
    builder (3.2.2)
    capybara (2.4.4)
      mime-types (>= 1.16)
      nokogiri (>= 1.3.3)
      rack (>= 1.0.0)
      rack-test (>= 0.5.4)
      xpath (~> 2.0)
    chronic (0.10.2)
    cloudinary (1.1.7)
      aws_cf_signer
      rest-client
    coffee-rails (4.0.1)
      coffee-script (>= 2.2.0)
      railties (>= 4.0.0, < 5.0)
    coffee-script (2.4.1)
      coffee-script-source
      execjs
    coffee-script-source (1.12.2)
    concurrent-ruby (1.0.5)
    contracts (0.16.0)
    database_cleaner (1.3.0)
    decent_exposure (2.3.3)
    devise (3.5.10)
      bcrypt (~> 3.0)
      orm_adapter (~> 0.1)
      railties (>= 3.2.6, < 5)
      responders
      thread_safe (~> 0.1)
      warden (~> 1.2.3)
    diff-lcs (1.2.5)
    docile (1.1.5)
    domain_name (0.5.20170404)
      unf (>= 0.0.5, < 1.0.0)
    erubis (2.7.0)
    execjs (2.7.0)
    factory_girl (4.5.0)
      activesupport (>= 3.0.0)
    factory_girl_rails (4.5.0)
      factory_girl (~> 4.5.0)
      railties (>= 3.0.0)
    fattr (2.2.2)
    ffi (1.9.18)
    font-awesome-rails (4.3.0.0)
      railties (>= 3.2, < 5.0)
    friendly_id (5.1.0)
      activerecord (>= 4.0.0)
    globalid (0.4.1)
      activesupport (>= 4.2.0)
    highline (1.7.8)
    http-cookie (1.0.3)
      domain_name (~> 0.5)
    i18n (0.7.0)
    interactor (3.1.0)
    jbuilder (2.2.16)
      activesupport (>= 3.0.0, < 5)
      multi_json (~> 1.2)
    jmespath (1.3.1)
    json (1.8.3)
    kaminari (0.16.3)
      actionpack (>= 3.0.0)
      activesupport (>= 3.0.0)
    loofah (2.0.2)
      nokogiri (>= 1.5.9)
    mail (2.7.0)
      mini_mime (>= 0.1.1)
    main (6.1.0)
      arrayfields (>= 4.7.4)
      chronic (>= 0.6.2)
      fattr (>= 2.2.0)
      map (>= 5.1.0)
    map (6.5.5)
    memoit (0.2.0)
    mime-types (2.6.1)
    mini_mime (1.0.0)
    mini_portile (0.6.2)
    minitest (5.8.0)
    multi_json (1.11.2)
    nestive (0.6.0)
      rails (>= 3.0.0)
    netrc (0.11.0)
    nokogiri (1.6.6.2)
      mini_portile (~> 0.6.0)
    options (2.3.2)
    orm_adapter (0.5.0)
    parallel (1.6.1)
    pg (0.17.1)
    pg_search (1.0.6)
      activerecord (>= 3.1)
      activesupport (>= 3.1)
      arel
    progress_bar (1.0.5)
      highline (~> 1.6)
      options (~> 2.3.0)
    rack (1.6.4)
    rack-protection (1.5.3)
      rack
    rack-test (0.6.3)
      rack (>= 1.0)
    rails (4.2.3)
      actionmailer (= 4.2.3)
      actionpack (= 4.2.3)
      actionview (= 4.2.3)
      activejob (= 4.2.3)
      activemodel (= 4.2.3)
      activerecord (= 4.2.3)
      activesupport (= 4.2.3)
      bundler (>= 1.3.0, < 2.0)
      railties (= 4.2.3)
      sprockets-rails
    rails-assets-fastclick (1.0.6)
    rails-assets-filament-fixed (0.1.2)
    rails-assets-filament-sticky (0.1.7)
      rails-assets-filament-fixed (>= 0.1.1)
      rails-assets-jquery (>= 1.9.1)
    rails-assets-html5shiv (3.7.3)
    rails-assets-jquery (1.9.1)
    rails-assets-jquery-timepicker-jt (1.5.3)
      rails-assets-jquery (>= 1.7)
    rails-assets-jquery-ujs-standalone (1.0.0)
      rails-assets-jquery (> 1.7)
    rails-assets-jstimezonedetect (1.0.5)
    rails-assets-lodash (3.6.0)
    rails-assets-momentjs (2.9.0)
    rails-assets-nprogress (0.1.6)
    rails-assets-pikaday (1.3.3)
    rails-assets-react (0.4.2)
    rails-assets-react-radio-group (0.1.2)
      rails-assets-react (~> 0.4.0)
    rails-assets-select2 (3.5.4)
      rails-assets-jquery (>= 1.7.1)
    rails-assets-selectivizr (1.0.2)
    rails-assets-speakingurl (1.1.5)
    rails-assets-viewloader (2.1.0)
      rails-assets-jquery (>= 1.4.3)
    rails-deprecated_sanitizer (1.0.3)
      activesupport (>= 4.2.0.alpha)
    rails-dom-testing (1.0.7)
      activesupport (>= 4.2.0.beta, < 5.0)
      nokogiri (~> 1.6.0)
      rails-deprecated_sanitizer (>= 1.0.1)
    rails-html-sanitizer (1.0.2)
      loofah (~> 2.0)
    rails-observers (0.1.5)
      activemodel (>= 4.0)
    railties (4.2.3)
      actionpack (= 4.2.3)
      activesupport (= 4.2.3)
      rake (>= 0.8.7)
      thor (>= 0.18.1, < 2.0)
    rake (10.4.2)
    ranked-model (0.4.0)
      activerecord (>= 3.1.12)
    rb-fsevent (0.10.2)
    rb-inotify (0.9.10)
      ffi (>= 0.5.0, < 2)
    react-rails (0.9.0.0)
      execjs
      rails (>= 3.1)
      react-source (= 0.9.0)
    react-source (0.9.0)
    refile (0.6.2)
      mime-types
      rest-client (~> 1.8)
      sinatra (~> 1.4.5)
    refile-s3 (0.2.0)
      aws-sdk (~> 2.0)
      refile (~> 0.6.0)
    render_anywhere (0.0.12)
      rails (>= 3.0.7)
    responders (2.4.0)
      actionpack (>= 4.2.0, < 5.3)
      railties (>= 4.2.0, < 5.3)
    rest-client (1.8.0)
      http-cookie (>= 1.0.2, < 2.0)
      mime-types (>= 1.16, < 3.0)
      netrc (~> 0.7)
    rspec-core (3.3.2)
      rspec-support (~> 3.3.0)
    rspec-expectations (3.3.1)
      diff-lcs (>= 1.2.0, < 2.0)
      rspec-support (~> 3.3.0)
    rspec-mocks (3.3.2)
      diff-lcs (>= 1.2.0, < 2.0)
      rspec-support (~> 3.3.0)
    rspec-rails (3.3.3)
      actionpack (>= 3.0, < 4.3)
      activesupport (>= 3.0, < 4.3)
      railties (>= 3.0, < 4.3)
      rspec-core (~> 3.3.0)
      rspec-expectations (~> 3.3.0)
      rspec-mocks (~> 3.3.0)
      rspec-support (~> 3.3.0)
    rspec-support (3.3.0)
    sass (3.5.3)
      sass-listen (~> 4.0.0)
    sass-listen (4.0.0)
      rb-fsevent (~> 0.9, >= 0.9.4)
      rb-inotify (~> 0.9, >= 0.9.7)
    sass-rails (5.0.7)
      railties (>= 4.0.0, < 6)
      sass (~> 3.1)
      sprockets (>= 2.8, < 4.0)
      sprockets-rails (>= 2.0, < 4.0)
      tilt (>= 1.1, < 3)
    shoulda-matchers (2.8.0)
      activesupport (>= 3.0.0)
    simplecov (0.9.1)
      docile (~> 1.1.0)
      multi_json (~> 1.0)
      simplecov-html (~> 0.8.0)
    simplecov-html (0.8.0)
    sinatra (1.4.8)
      rack (~> 1.5)
      rack-protection (~> 1.4)
      tilt (>= 1.3, < 3)
    slim (3.0.9)
      temple (>= 0.7.6, < 0.9)
      tilt (>= 1.3.3, < 2.1)
    slim-rails (3.0.1)
      actionmailer (>= 3.1, < 5.0)
      actionpack (>= 3.1, < 5.0)
      activesupport (>= 3.1, < 5.0)
      railties (>= 3.1, < 5.0)
      slim (~> 3.0)
    sprockets (3.7.1)
      concurrent-ruby (~> 1.0)
      rack (> 1, < 3)
    sprockets-rails (3.2.1)
      actionpack (>= 4.0)
      activesupport (>= 4.0)
      sprockets (>= 3.0.0)
    temple (0.8.0)
    thor (0.19.1)
    thread_safe (0.3.5)
    tilt (2.0.8)
    transloadit (2.0.1)
      mime-types
      multi_json
      rest-client
    transloadit-rails (1.1.1)
      railties (>= 3)
      transloadit (>= 1.1.1)
    turbolinks (2.5.3)
      coffee-rails
    tzinfo (1.2.2)
      thread_safe (~> 0.1)
    unf (0.1.4)
      unf_ext
    unf_ext (0.0.7.4)
    varnisher (1.1.0)
      main (~> 6.0)
      nokogiri (~> 1.6)
      parallel (~> 1.3)
    warden (1.2.7)
      rack (>= 1.0)
    xpath (2.0.0)
      nokogiri (~> 1.3)

PLATFORMS
  ruby

DEPENDENCIES
  capybara
  database_cleaner
  factory_girl_rails
  icelab-heracles!
  pg
  rspec-activemodel-mocks!
  rspec-rails (~> 3.3.0)
  shoulda-matchers
  simplecov
  varnisher (~> 1.1.0)

BUNDLED WITH
   1.15.4
